PATH
  remote: .
  specs:
    aliyun-mts (0.0.0)

GEM
  remote: https://rubygems.org/
  specs:
    coderay (1.1.1)
    method_source (0.8.2)
    pry (0.10.4)
      coderay (~> 1.1.0)
      method_source (~> 0.8.1)
      slop (~> 3.4)
    rake (11.2.2)
    slop (3.6.0)

PLATFORMS
  ruby

DEPENDENCIES
  aliyun-mts!
  bundler (~> 1.3)
  pry
  rake (~> 11.2)

BUNDLED WITH
   1.12.5
